GEM
  remote: https://rubygems.org/
  specs:
    chunky_png (1.2.8)
    compass (0.12.2)
      chunky_png (~> 1.2)
      fssm (>= 0.2.7)
      sass (~> 3.1)
    compass-rgbapng (0.2.1)
      chunky_png (>= 0.8.0)
      compass (>= 0.10.0)
    fssm (0.2.10)
    sass (3.2.10)
    zurb-foundation (4.3.1)
      sass (>= 3.2.0)

PLATFORMS
  x86-mingw32

DEPENDENCIES
  compass
  compass-rgbapng
  zurb-foundation (= 4.3.1)
